PATH
  remote: ../
  specs:
    kss (0.5.0)

GEM
  remote: https://rubygems.org/
  specs:
    rack (1.6.4)
    rack-protection (1.5.3)
      rack
    sinatra (1.3.6)
      rack (~> 1.4)
      rack-protection (~> 1.3)
      tilt (~> 1.3, >= 1.3.3)
    tilt (1.4.1)

PLATFORMS
  ruby

DEPENDENCIES
  kss!
  sinatra (~> 1.3.1)

BUNDLED WITH
   1.10.6
